GIT
  remote: git://github.com/rails/activerecord-session_store.git
  revision: bd7174ccc16f6b020e29bfb269fc43d8e4e48463
  specs:
    activerecord-session_store (1.1.1)
      actionpack (>= 4.0)
      activerecord (>= 4.0)
      multi_json (~> 1.11, >= 1.11.2)
      rack (>= 1.5.2, < 3)
      railties (>= 4.0)

GIT
  remote: https://github.com/rspec/rspec-core.git
  revision: e5e4ad755787466614227ba9c6654ee044ae3b65
  branch: master
  specs:
    rspec-core (3.9.0.pre)
      rspec-support (= 3.9.0.pre)

GIT
  remote: https://github.com/rspec/rspec-expectations.git
  revision: 7b98d0cb7744860e5b9feb22e0fd027dc020637c
  branch: master
  specs:
    rspec-expectations (3.9.0.pre)
      diff-lcs (>= 1.2.0, < 2.0)
      rspec-support (= 3.9.0.pre)

GIT
  remote: https://github.com/rspec/rspec-mocks.git
  revision: 675ab723d671a720855bf0bbdf32aa908611d0a2
  branch: master
  specs:
    rspec-mocks (3.9.0.pre)
      diff-lcs (>= 1.2.0, < 2.0)
      rspec-support (= 3.9.0.pre)

GIT
  remote: https://github.com/rspec/rspec-rails.git
  revision: 46d10ea1800611a0dcb5a99a0dc83726fa5c9dbb
  branch: master
  specs:
    rspec-rails (3.9.0.pre)
      actionpack (>= 3.0)
      activesupport (>= 3.0)
      railties (>= 3.0)
      rspec-core (= 3.9.0.pre)
      rspec-expectations (= 3.9.0.pre)
      rspec-mocks (= 3.9.0.pre)
      rspec-support (= 3.9.0.pre)

GIT
  remote: https://github.com/rspec/rspec-support.git
  revision: e126bdcc4d470105eb24183ecd486442ccd2d313
  branch: master
  specs:
    rspec-support (3.9.0.pre)

GEM
  remote: https://rubygems.org/
  remote: https://rails-assets.org/
  specs:
    actioncable (5.0.7)
      actionpack (= 5.0.7)
      nio4r (>= 1.2, < 3.0)
      websocket-driver (~> 0.6.1)
    actionmailer (5.0.7)
      actionpack (= 5.0.7)
      actionview (= 5.0.7)
      activejob (= 5.0.7)
      mail (~> 2.5, >= 2.5.4)
      rails-dom-testing (~> 2.0)
    actionpack (5.0.7)
      actionview (= 5.0.7)
      activesupport (= 5.0.7)
      rack (~> 2.0)
      rack-test (~> 0.6.3)
      rails-dom-testing (~> 2.0)
      rails-html-sanitizer (~> 1.0, >= 1.0.2)
    actionview (5.0.7)
      activesupport (= 5.0.7)
      builder (~> 3.1)
      erubis (~> 2.7.0)
      rails-dom-testing (~> 2.0)
      rails-html-sanitizer (~> 1.0, >= 1.0.3)
    active_model_serializers (0.10.8)
      actionpack (>= 4.1, < 6)
      activemodel (>= 4.1, < 6)
      case_transform (>= 0.2)
      jsonapi-renderer (>= 0.1.1.beta1, < 0.3)
    activejob (5.0.7)
      activesupport (= 5.0.7)
      globalid (>= 0.3.6)
    activemodel (5.0.7)
      activesupport (= 5.0.7)
    activemodel-associations (0.2.0)
      activemodel (>= 4.1, < 6)
      activerecord (>= 4.1, < 6)
      activesupport (>= 4.1, < 6)
    activerecord (5.0.7)
      activemodel (= 5.0.7)
      activesupport (= 5.0.7)
      arel (~> 7.0)
    activesupport (5.0.7)
      concurrent-ruby (~> 1.0, >= 1.0.2)
      i18n (>= 0.7, < 2)
      minitest (~> 5.1)
      tzinfo (~> 1.1)
    airbrussh (1.3.0)
      sshkit (>= 1.6.1, != 1.7.0)
    annotate (2.7.4)
      activerecord (>= 3.2, < 6.0)
      rake (>= 10.4, < 13.0)
    appsignal (2.7.2)
      rack
    arel (7.1.4)
    autoprefixer-rails (9.3.1)
      execjs
    babel-source (5.8.35)
    babel-transpiler (0.7.0)
      babel-source (>= 4.0, < 6)
      execjs (~> 2.0)
    bindex (0.5.0)
    builder (3.2.3)
    byebug (10.0.2)
    capistrano (3.7.0)
      airbrussh (>= 1.0.0)
      capistrano-harrow
      i18n
      rake (>= 10.0.0)
      sshkit (>= 1.9.0)
    capistrano-bundler (1.4.0)
      capistrano (~> 3.1)
      sshkit (~> 1.2)
    capistrano-harrow (0.5.3)
    capistrano-passenger (0.2.0)
      capistrano (~> 3.0)
    capistrano-rails (1.4.0)
      capistrano (~> 3.1)
      capistrano-bundler (~> 1.1)
    capistrano-rvm (0.1.2)
      capistrano (~> 3.0)
      sshkit (~> 1.2)
    case_transform (0.2)
      activesupport
    climate_control (0.2.0)
    closure_tree (7.0.0)
      activerecord (>= 4.2.10)
      with_advisory_lock (>= 4.0.0)
    cocaine (0.5.8)
      climate_control (>= 0.0.3, < 1.0)
    coderay (1.1.2)
    coffee-rails (4.1.1)
      coffee-script (>= 2.2.0)
      railties (>= 4.0.0, < 5.1.x)
    coffee-script (2.4.1)
      coffee-script-source
      execjs
    coffee-script-source (1.12.2)
    concurrent-ruby (1.0.5)
    connection_pool (2.2.2)
    crass (1.0.4)
    diff-lcs (1.3)
    dotenv (2.5.0)
    dotenv-rails (2.5.0)
      dotenv (= 2.5.0)
      railties (>= 3.2, < 6.0)
    enumerate_it (1.7.0)
      activesupport (>= 3.0.0)
    erubis (2.7.0)
    execjs (2.7.0)
    faraday (0.9.2)
      multipart-post (>= 1.2, < 3)
    faraday_middleware (0.11.0.1)
      faraday (>= 0.7.4, < 1.0)
    ffi (1.9.25)
    globalid (0.4.1)
      activesupport (>= 4.2.0)
    gon (6.2.1)
      actionpack (>= 3.0)
      multi_json
      request_store (>= 1.0)
    handlebars_assets (0.23.2)
      execjs (~> 2.0)
      sprockets (>= 2.0.0)
      tilt (>= 1.2)
    i18n (1.1.1)
      concurrent-ruby (~> 1.0)
    jbuilder (2.7.0)
      activesupport (>= 4.2.0)
      multi_json (>= 1.2)
    jquery-rails (4.3.3)
      rails-dom-testing (>= 1, < 3)
      railties (>= 4.2.0)
      thor (>= 0.14, < 2.0)
    jsonapi-renderer (0.2.0)
    listen (3.0.8)
      rb-fsevent (~> 0.9, >= 0.9.4)
      rb-inotify (~> 0.9, >= 0.9.7)
    loofah (2.2.3)
      crass (~> 1.0.2)
      nokogiri (>= 1.5.9)
    mail (2.7.1)
      mini_mime (>= 0.1.1)
    method_source (0.9.0)
    mime-types (3.2.2)
      mime-types-data (~> 3.2015)
    mime-types-data (3.2018.0812)
    mimemagic (0.3.2)
    mini_mime (1.0.1)
    mini_portile2 (2.3.0)
    minitest (5.11.3)
    multi_json (1.13.1)
    multipart-post (2.0.0)
    mustermann (1.0.3)
    net-scp (1.2.1)
      net-ssh (>= 2.6.5)
    net-ssh (5.0.2)
    nio4r (2.3.1)
    nokogiri (1.8.5)
      mini_portile2 (~> 2.3.0)
    paperclip (5.2.1)
      activemodel (>= 4.2.0)
      activesupport (>= 4.2.0)
      cocaine (~> 0.5.5)
      mime-types
      mimemagic (~> 0.3.0)
    pg (0.21.0)
    pry (0.11.3)
      coderay (~> 1.1.0)
      method_source (~> 0.9.0)
    pry-rails (0.3.6)
      pry (>= 0.10.4)
    puma (3.12.0)
    rack (2.0.5)
    rack-protection (2.0.4)
      rack
    rack-proxy (0.6.5)
      rack
    rack-test (0.6.3)
      rack (>= 1.0)
    rails (5.0.7)
      actioncable (= 5.0.7)
      actionmailer (= 5.0.7)
      actionpack (= 5.0.7)
      actionview (= 5.0.7)
      activejob (= 5.0.7)
      activemodel (= 5.0.7)
      activerecord (= 5.0.7)
      activesupport (= 5.0.7)
      bundler (>= 1.3.0)
      railties (= 5.0.7)
      sprockets-rails (>= 2.0.0)
    rails-assets-SINTEF-9012--PruneCluster (1.1.0)
    rails-assets-backbone (1.3.3)
      rails-assets-underscore (>= 1.8.3)
    rails-assets-d3 (3.5.17)
    rails-assets-datalib (1.7.3)
    rails-assets-esri-leaflet (2.2.1)
      rails-assets-leaflet (>= 1.0.0, < 2)
    rails-assets-fitvids (1.2.0)
      rails-assets-jquery (>= 1.7.0)
    rails-assets-fuse.js (3.3.0)
    rails-assets-jquery (3.3.1)
    rails-assets-jquery-ui (1.12.1)
      rails-assets-jquery (>= 1.6)
    rails-assets-leaflet (1.3.3)
    rails-assets-select2 (4.0.3)
    rails-assets-underscore (1.9.1)
    rails-assets-vega (2.6.5)
      rails-assets-d3 (>= 3.5.6, < 4)
    rails-dom-testing (2.0.3)
      activesupport (>= 4.2.0)
      nokogiri (>= 1.6)
    rails-html-sanitizer (1.0.4)
      loofah (~> 2.2, >= 2.2.2)
    railties (5.0.7)
      actionpack (= 5.0.7)
      activesupport (= 5.0.7)
      method_source
      rake (>= 0.8.7)
      thor (>= 0.18.1, < 2.0)
    rake (12.3.1)
    rb-fsevent (0.10.3)
    rb-inotify (0.9.10)
      ffi (>= 0.5.0, < 2)
    react-rails (2.4.7)
      babel-transpiler (>= 0.7.0)
      connection_pool
      execjs
      railties (>= 3.2)
      tilt
    request_store (1.4.1)
      rack (>= 1.4)
    ruby_http_client (3.3.0)
    sass (3.6.0)
      sass-listen (~> 4.0.0)
    sass-listen (4.0.0)
      rb-fsevent (~> 0.9, >= 0.9.4)
      rb-inotify (~> 0.9, >= 0.9.7)
    sass-rails (5.0.7)
      railties (>= 4.0.0, < 6)
      sass (~> 3.1)
      sprockets (>= 2.8, < 4.0)
      sprockets-rails (>= 2.0, < 4.0)
      tilt (>= 1.1, < 3)
    sendgrid-ruby (5.3.0)
      ruby_http_client (~> 3.3.0)
      sinatra (>= 1.4.7, < 3)
    sinatra (2.0.4)
      mustermann (~> 1.0)
      rack (~> 2.0)
      rack-protection (= 2.0.4)
      tilt (~> 2.0)
    spring (2.0.2)
      activesupport (>= 4.2)
    spring-watcher-listen (2.0.1)
      listen (>= 2.7, < 4.0)
      spring (>= 1.2, < 3.0)
    sprockets (3.7.2)
      concurrent-ruby (~> 1.0)
      rack (> 1, < 3)
    sprockets-rails (3.2.1)
      actionpack (>= 4.0)
      activesupport (>= 4.0)
      sprockets (>= 3.0.0)
    sshkit (1.18.0)
      net-scp (>= 1.1.2)
      net-ssh (>= 2.8.0)
    thor (0.20.0)
    thread_safe (0.3.6)
    tilt (2.0.8)
    turbolinks (5.2.0)
      turbolinks-source (~> 5.2)
    turbolinks-source (5.2.0)
    tzinfo (1.2.5)
      thread_safe (~> 0.1)
    uglifier (4.1.19)
      execjs (>= 0.3.0, < 3)
    web-console (3.7.0)
      actionview (>= 5.0)
      activemodel (>= 5.0)
      bindex (>= 0.4.0)
      railties (>= 5.0)
    webpacker (3.3.1)
      activesupport (>= 4.2)
      rack-proxy (>= 0.6.1)
      railties (>= 4.2)
    websocket-driver (0.6.5)
      websocket-extensions (>= 0.1.0)
    websocket-extensions (0.1.3)
    wicked (1.3.3)
      railties (>= 3.0.7)
    will_paginate (3.1.6)
    with_advisory_lock (4.0.0)
      activerecord (>= 4.2)

PLATFORMS
  ruby

DEPENDENCIES
  active_model_serializers (~> 0.10.0)
  activemodel-associations
  activerecord-session_store!
  annotate
  appsignal
  autoprefixer-rails
  byebug
  capistrano (= 3.7)
  capistrano-bundler
  capistrano-passenger
  capistrano-rails
  capistrano-rvm
  closure_tree
  coffee-rails (~> 4.1.0)
  dotenv-rails (~> 2.1)
  enumerate_it
  faraday (~> 0.9.2)
  faraday_middleware (~> 0.11.0.1)
  ffi (>= 1.9.24)
  gon
  handlebars_assets
  jbuilder (~> 2.0)
  jquery-rails
  listen (~> 3.0.5)
  loofah (>= 2.2.1)
  paperclip (~> 5.2.0)
  pg (~> 0.18)
  pry-rails
  puma (~> 3.0)
  rails (>= 5.0.0, < 5.1)
  rails-assets-SINTEF-9012--PruneCluster (= 1.1.0)!
  rails-assets-backbone!
  rails-assets-d3 (~> 3.5.16)!
  rails-assets-datalib (= 1.7.3)!
  rails-assets-esri-leaflet (= 2.2.1)!
  rails-assets-fitvids (~> 1.2.0)
  rails-assets-fuse.js!
  rails-assets-jquery-ui!
  rails-assets-leaflet (= 1.3.3)!
  rails-assets-select2 (= 4.0.3)!
  rails-assets-vega (~> 2.6.3)!
  rails-html-sanitizer (>= 1.0.4)
  react-rails (~> 2.4.4)
  rspec-core!
  rspec-expectations!
  rspec-mocks!
  rspec-rails!
  rspec-support!
  sass-rails (>= 5.0)
  sendgrid-ruby
  spring
  spring-watcher-listen (~> 2.0.0)
  sprockets (>= 3.7.2)
  turbolinks (~> 5.x)
  tzinfo-data
  uglifier (>= 1.3.0)
  web-console
  webpacker (~> 3.3.1)
  wicked
  will_paginate (~> 3.1.0)

RUBY VERSION
   ruby 2.3.1p112

BUNDLED WITH
   1.17.1
